GEM
  remote: https://rubygems.org/
  specs:
    gosu (0.9.2)
    json (1.8.3)
    require_all (1.3.2)
    rmagick (2.15.2)

PLATFORMS
  ruby

DEPENDENCIES
  gosu (~> 0.9)
  json (~> 1.8.2)
  require_all (~> 1.3)
  rmagick (~> 2.15)

BUNDLED WITH
   1.10.4
